PATH
  remote: .
  specs:
    bun (1.0.0)
      paint (~> 2.0.1)
      tty-spinner (~> 0.8.0)

GEM
  remote: https://rubygems.org/
  specs:
    coderay (1.1.2)
    diff-lcs (1.3)
    method_source (0.9.0)
    paint (2.0.1)
    pry (0.11.3)
      coderay (~> 1.1.0)
      method_source (~> 0.9.0)
    rake (10.5.0)
    rspec (3.7.0)
      rspec-core (~> 3.7.0)
      rspec-expectations (~> 3.7.0)
      rspec-mocks (~> 3.7.0)
    rspec-core (3.7.1)
      rspec-support (~> 3.7.0)
    rspec-expectations (3.7.0)
      diff-lcs (>= 1.2.0, < 2.0)
      rspec-support (~> 3.7.0)
    rspec-mocks (3.7.0)
      diff-lcs (>= 1.2.0, < 2.0)
      rspec-support (~> 3.7.0)
    rspec-support (3.7.1)
    tty-cursor (0.5.0)
    tty-spinner (0.8.0)
      tty-cursor (>= 0.5.0)

PLATFORMS
  ruby

DEPENDENCIES
  bun!
  bundler (~> 1.16)
  pry (~> 0.11.3)
  rake (~> 10.0)
  rspec (~> 3.7.0)

BUNDLED WITH
   1.16.1
